GEM
  specs:
    bourne (1.0.1)
      mocha (= 0.9.12)
    diff-lcs (1.1.3)
    mocha (0.9.12)
    rake (0.9.2.2)
    redis (2.2.2)
    rspec (2.10.0)
      rspec-core (~> 2.10.0)
      rspec-expectations (~> 2.10.0)
      rspec-mocks (~> 2.10.0)
    rspec-core (2.10.1)
    rspec-expectations (2.10.0)
      diff-lcs (~> 1.1.3)
    rspec-mocks (2.10.1)

PLATFORMS
  ruby

DEPENDENCIES
  bourne
  mocha
  rake
  redis
  rspec
